GEM
  remote: https://rubygems.org/
  specs:
    sinatra (1.3.4)

DEPENDENCIES
  sinatra